GEM
  remote: https://rubygems.org/
  specs:
    archive-tar-minitar (0.5.2)
    asunit4 (4.2.3.pre)
    flashsdk (1.1.36.pre)
      sprout (>= 1.1.18.pre)
    iconv (1.0.4)
    open4 (1.3.0)
    rake (10.1.0)
    rubyzip (0.9.4)
    sprout (1.1.18.pre)
      archive-tar-minitar (= 0.5.2)
      bundler (>= 0.9.19)
      open4 (>= 0.9.6)
      rake (>= 0.9.2)
      rubyzip (= 0.9.4)

PLATFORMS
  ruby

DEPENDENCIES
  asunit4
  flashsdk
  iconv (~> 1.0.4)
